GEM
  remote: http://rubygems.org/
  specs:
    git (1.2.5)
    jeweler (1.8.3)
      bundler (~> 1.0)
      git (>= 1.2.5)
      rake
      rdoc
    json (1.7.0-java)
    multi_json (1.3.4)
    rake (0.9.2.2)
    rdoc (3.12)
      json (~> 1.4)
    shoulda (3.0.1)
      shoulda-context (~> 1.0.0)
      shoulda-matchers (~> 1.0.0)
    shoulda-context (1.0.0)
    shoulda-matchers (1.0.0)
    simplecov (0.6.2)
      multi_json (~> 1.3)
      simplecov-html (~> 0.5.3)
    simplecov-html (0.5.3)

PLATFORMS
  java

DEPENDENCIES
  bundler (~> 1.1.3)
  jeweler (~> 1.8.3)
  rdoc (~> 3.12)
  shoulda
  simplecov
